GEM
  remote: https://rubygems.org/
  specs:
    coderay (1.0.9)
    ffi (1.9.0)
    hallon (0.18.2)
      ffi (~> 1.8)
      spotify (~> 12.5.1)
      weak_observable (~> 1.0)
    hallon-openal (1.0.1)
      hallon (~> 0.13)
    libspotify (12.1.51.3)
    maruku (0.6.1)
      syntax (>= 1.0.0)
    method_source (0.8.2)
    multi_json (1.8.0)
    nokogiri (1.5.5)
    pry (0.9.12.2)
      coderay (~> 1.0.5)
      method_source (~> 0.8)
      slop (~> 3.4)
    ref (1.0.5)
    ruby_parser (3.2.2)
      sexp_processor (~> 4.1)
    sexp_processor (4.3.0)
    simplecov (0.7.1)
      multi_json (~> 1.0)
      simplecov-html (~> 0.7.1)
    simplecov-html (0.7.1)
    slop (3.4.6)
    spotify (12.5.2)
      ffi (~> 1.0, >= 1.0.11)
      libspotify (~> 12.1.51)
    syntax (1.0.0)
    weak_observable (1.0.1)
      ref (~> 1.0.0)
    yard (0.8.7)

PLATFORMS
  ruby

DEPENDENCIES
  hallon-openal (~> 1.0.1)
  maruku
  nokogiri
  pry
  ruby_parser (>= 3.0.0.a1, < 4.0)
  simplecov
  yard
